GEM
  remote: http://rubygems.org/
  specs:
    addressable (2.3.3)
    coderay (1.0.9)
    daemons (1.1.9)
    diff-lcs (1.2.1)
    em-websocket (0.3.8)
      addressable (>= 2.1.1)
      eventmachine (>= 0.12.9)
    eventmachine (1.0.3)
    ffi (1.4.0)
    haml (4.0.0)
      tilt
    method_source (0.8.1)
    multi_json (1.6.1)
    pry (0.9.12)
      coderay (~> 1.0.5)
      method_source (~> 0.8)
      slop (~> 3.4)
    rack (1.5.2)
    rack-protection (1.5.0)
      rack
    rack-test (0.6.2)
      rack (>= 1.0)
    rspec (2.13.0)
      rspec-core (~> 2.13.0)
      rspec-expectations (~> 2.13.0)
      rspec-mocks (~> 2.13.0)
    rspec-core (2.13.1)
    rspec-expectations (2.13.0)
      diff-lcs (>= 1.1.3, < 2.0)
    rspec-mocks (2.13.0)
    simplecov (0.7.1)
      multi_json (~> 1.0)
      simplecov-html (~> 0.7.1)
    simplecov-html (0.7.1)
    simplecov-rcov (0.2.3)
      simplecov (>= 0.4.1)
    sinatra (1.4.1)
      rack (~> 1.5, >= 1.5.2)
      rack-protection (~> 1.4)
      tilt (~> 1.3, >= 1.3.4)
    sinatra-websocket (0.2.1)
      em-websocket (~> 0.3.6)
      eventmachine
      thin (>= 1.3.1)
    slop (3.4.4)
    sys-uptime (0.6.1)
      ffi (>= 1.0.0)
    thin (1.5.0)
      daemons (>= 1.0.9)
      eventmachine (>= 0.12.6)
      rack (>= 1.0.0)
    tilt (1.3.5)
    timecop (0.6.1)

PLATFORMS
  ruby

DEPENDENCIES
  em-websocket (= 0.3.8)
  haml (~> 4.0.0)
  pry (~> 0.9.12)
  rack-test (~> 0.6.2)
  rspec (~> 2.13.0)
  simplecov (~> 0.7.1)
  simplecov-rcov (~> 0.2.3)
  sinatra (~> 1.4.1)
  sinatra-websocket (~> 0.2.1)
  sys-uptime (~> 0.6.1)
  thin (~> 1.5.0)
  timecop (~> 0.6.1)
